PATH
  remote: .
  specs:
    h2o-configurator (0.6)
      path (~> 2.0)

GEM
  remote: https://rubygems.org/
  specs:
    path (2.0.1)
    rake (0.9.6)

PLATFORMS
  x86_64-darwin-18

DEPENDENCIES
  h2o-configurator!
  rake (~> 0)

BUNDLED WITH
   2.2.3
